GEM
  remote: https://gems.ruby-china.org/
  specs:
    chronic (0.10.2)
    cloudinsight-sdk (0.0.1)
    coderay (1.1.1)
    excon (0.49.0)
    method_source (0.8.2)
    mini_portile2 (2.0.0)
    nokogiri (1.6.7.2)
      mini_portile2 (~> 2.0.0.rc2)
    pry (0.10.4)
      coderay (~> 1.1.0)
      method_source (~> 0.8.1)
      slop (~> 3.4)
    redis (3.2.2)
    slop (3.6.0)
    whenever (0.9.4)
      chronic (>= 0.6.3)

PLATFORMS
  ruby

DEPENDENCIES
  cloudinsight-sdk
  excon
  nokogiri
  pry
  redis
  whenever
